GEM
  remote: http://rubygems.org/
  specs:
    nokogiri (1.5.6)
    zip (2.0.2)

PLATFORMS
  ruby

DEPENDENCIES
  nokogiri
  zip
